GIT
  remote: git://github.com/dockyard/easy_auth-github.git
  revision: 2d634c4a54756e4ebf122230e7fc9a53d9dc9c0c
  specs:
    easy_auth-github (0.1.3)
      easy_auth-oauth2 (~> 0.2.0)

GIT
  remote: git://github.com/dockyard/easy_auth-oauth2.git
  revision: c585736affbf7754ab8f27e37a7ee48f21d59a0b
  specs:
    easy_auth-oauth2 (0.2.0)
      easy_auth (~> 0.3.0)
      oauth2 (~> 0.8.0)

GIT
  remote: git://github.com/dockyard/easy_auth-password.git
  revision: 3c4341619929e6393d75e508b9ac89d30a38326e
  specs:
    easy_auth-password (0.1.0)
      easy_auth (~> 0.3.0)
      scrypt

GIT
  remote: git://github.com/dockyard/easy_auth.git
  revision: 410ffbc2a99809a687b5a521869275e276765175
  specs:
    easy_auth (0.3.0)
      bcrypt-ruby (~> 3.0.0)
      rails (~> 3.2.1)

GEM
  remote: https://rubygems.org/
  specs:
    actionmailer (3.2.12)
      actionpack (= 3.2.12)
      mail (~> 2.4.4)
    actionpack (3.2.12)
      activemodel (= 3.2.12)
      activesupport (= 3.2.12)
      builder (~> 3.0.0)
      erubis (~> 2.7.0)
      journey (~> 1.0.4)
      rack (~> 1.4.5)
      rack-cache (~> 1.2)
      rack-test (~> 0.6.1)
      sprockets (~> 2.2.1)
    active_link_to (1.0.0)
    activemodel (3.2.12)
      activesupport (= 3.2.12)
      builder (~> 3.0.0)
    activerecord (3.2.12)
      activemodel (= 3.2.12)
      activesupport (= 3.2.12)
      arel (~> 3.0.2)
      tzinfo (~> 0.3.29)
    activeresource (3.2.12)
      activemodel (= 3.2.12)
      activesupport (= 3.2.12)
    activesupport (3.2.12)
      i18n (~> 0.6)
      multi_json (~> 1.0)
    addressable (2.3.2)
    arel (3.0.2)
    bcrypt-ruby (3.0.1)
    better_errors (0.6.0)
      coderay (>= 1.0.0)
      erubis (>= 2.6.6)
    binding_of_caller (0.7.1)
      debug_inspector (>= 0.0.1)
    bourne (1.3.2)
      mocha (= 0.13.2)
    builder (3.0.4)
    capybara (2.0.2)
      mime-types (>= 1.16)
      nokogiri (>= 1.3.3)
      rack (>= 1.0.0)
      rack-test (>= 0.5.4)
      selenium-webdriver (~> 2.0)
      xpath (~> 1.0.0)
    carrierwave (0.7.1)
      activemodel (>= 3.2.0)
      activesupport (>= 3.2.0)
    childprocess (0.3.8)
      ffi (~> 1.0, >= 1.0.11)
    chunky_png (1.2.6)
    client_side_validations (3.2.1)
    client_side_validations-simple_form (2.0.1)
      client_side_validations (~> 3.2.0)
      simple_form (~> 2.0.3)
    coderay (1.0.8)
    coffee-rails (3.2.2)
      coffee-script (>= 2.2.0)
      railties (~> 3.2.0)
    coffee-script (2.2.0)
      coffee-script-source
      execjs
    coffee-script-source (1.4.0)
    columnize (0.3.6)
    compass (0.12.2)
      chunky_png (~> 1.2)
      fssm (>= 0.2.7)
      sass (~> 3.1)
    compass-rails (1.0.3)
      compass (>= 0.12.2, < 0.14)
    crack (0.3.2)
    daemons (1.1.9)
    database_cleaner (0.9.1)
    debug_inspector (0.0.2)
    debugger (1.2.2)
      columnize (>= 0.3.1)
      debugger-linecache (~> 1.1.1)
      debugger-ruby_core_source (~> 1.1.5)
    debugger-linecache (1.1.2)
      debugger-ruby_core_source (>= 1.1.1)
    debugger-ruby_core_source (1.1.5)
    diff-lcs (1.1.3)
    dismissible_helpers (0.1.3)
      rails (~> 3.2.0)
    erubis (2.7.0)
    eventmachine (1.0.0)
    excon (0.16.10)
    execjs (1.4.0)
      multi_json (~> 1.0)
    factory_girl (4.1.0)
      activesupport (>= 3.0.0)
    factory_girl_rails (4.1.0)
      factory_girl (~> 4.1.0)
      railties (>= 3.0.0)
    faraday (0.8.5)
      multipart-post (~> 1.1)
    faye-websocket (0.4.7)
      eventmachine (>= 0.12.0)
    ffi (1.4.0)
    fivemat (1.1.0)
    foreman (0.60.2)
      thor (>= 0.13.6)
    friendly_id (4.0.9)
    fssm (0.2.9)
    git (1.2.5)
    github_api (0.8.1)
      faraday (~> 0.8.1)
      hashie (~> 1.2.0)
      multi_json (~> 1.3)
      nokogiri (~> 1.5.2)
      oauth2
    haml (3.1.7)
    haml_coffee_assets (1.8.2)
      coffee-script (>= 1.0.0)
      sprockets (>= 2.0.3)
      tilt (>= 1.3.3)
    hashie (1.2.0)
    headless (0.3.1)
    heroku (2.34.0)
      heroku-api (~> 0.3.7)
      launchy (>= 0.3.2)
      netrc (~> 0.7.7)
      rest-client (~> 1.6.1)
      rubyzip
    heroku-api (0.3.7)
      excon (~> 0.16.10)
    hike (1.2.1)
    http_parser.rb (0.5.3)
    httpauth (0.2.0)
    i18n (0.6.1)
    journey (1.0.4)
    jquery-rails (2.1.4)
      railties (>= 3.0, < 5.0)
      thor (>= 0.14, < 2.0)
    json (1.7.7)
    jwt (0.1.5)
      multi_json (>= 1.0)
    launchy (2.1.2)
      addressable (~> 2.3)
    mail (2.4.4)
      i18n (>= 0.4.0)
      mime-types (~> 1.16)
      treetop (~> 1.4.8)
    metaclass (0.0.1)
    mime-types (1.21)
    mocha (0.13.2)
      metaclass (~> 0.0.1)
    multi_json (1.3.7)
    multipart-post (1.1.5)
    netrc (0.7.7)
    nokogiri (1.5.6)
    oauth2 (0.8.0)
      faraday (~> 0.8)
      httpauth (~> 0.1)
      jwt (~> 0.1.4)
      multi_json (~> 1.0)
      rack (~> 1.2)
    pages (0.0.1)
      rails (~> 3.2.7)
    pg (0.14.1)
    pg_array_parser (0.0.8)
    poltergeist (1.1.0)
      capybara (~> 2.0, >= 2.0.1)
      faye-websocket (~> 0.4, >= 0.4.4)
      http_parser.rb (~> 0.5.3)
    polyglot (0.3.3)
    postgres_ext (0.2.2)
      activerecord (~> 3.2.0)
      pg_array_parser (~> 0.0.8)
    quiet_assets (1.0.1)
      railties (~> 3.1)
    rack (1.4.5)
    rack-cache (1.2)
      rack (>= 0.4)
    rack-protection (1.2.0)
      rack
    rack-ssl (1.3.3)
      rack
    rack-test (0.6.2)
      rack (>= 1.0)
    rails (3.2.12)
      actionmailer (= 3.2.12)
      actionpack (= 3.2.12)
      activerecord (= 3.2.12)
      activeresource (= 3.2.12)
      activesupport (= 3.2.12)
      bundler (~> 1.0)
      railties (= 3.2.12)
    railties (3.2.12)
      actionpack (= 3.2.12)
      activesupport (= 3.2.12)
      rack-ssl (~> 1.3.2)
      rake (>= 0.8.7)
      rdoc (~> 3.4)
      thor (>= 0.14.6, < 2.0)
    rake (10.0.3)
    rdoc (3.12.1)
      json (~> 1.4)
    redcarpet (2.2.2)
    redis (3.0.2)
    redis-namespace (1.2.1)
      redis (~> 3.0.0)
    resque (1.23.0)
      multi_json (~> 1.0)
      redis-namespace (~> 1.0)
      sinatra (>= 0.9.2)
      vegas (~> 0.1.2)
    resque-scheduler (2.0.0)
      redis (>= 2.0.1)
      resque (>= 1.20.0)
      rufus-scheduler
    rest-client (1.6.7)
      mime-types (>= 1.16)
    rmagick (2.13.1)
    rspec-core (2.12.1)
    rspec-expectations (2.12.0)
      diff-lcs (~> 1.1.3)
    rspec-mocks (2.12.0)
    rspec-rails (2.12.0)
      actionpack (>= 3.0)
      activesupport (>= 3.0)
      railties (>= 3.0)
      rspec-core (~> 2.12.0)
      rspec-expectations (~> 2.12.0)
      rspec-mocks (~> 2.12.0)
    rubyzip (0.9.9)
    rufus-scheduler (2.0.17)
      tzinfo (>= 0.3.23)
    safe_yaml (0.8.3)
    sass (3.2.3)
    sass-rails (3.2.5)
      railties (~> 3.2.0)
      sass (>= 3.1.10)
      tilt (~> 1.3)
    scrypt (1.1.0)
    selenium-webdriver (2.29.0)
      childprocess (>= 0.2.5)
      multi_json (~> 1.0)
      rubyzip
      websocket (~> 1.0.4)
    simple_form (2.0.4)
      actionpack (~> 3.0)
      activemodel (~> 3.0)
    sinatra (1.3.3)
      rack (~> 1.3, >= 1.3.6)
      rack-protection (~> 1.2)
      tilt (~> 1.3, >= 1.3.3)
    sprockets (2.2.2)
      hike (~> 1.2)
      multi_json (~> 1.0)
      rack (~> 1.0)
      tilt (~> 1.1, != 1.3.0)
    stripe (1.7.8)
      multi_json (>= 1.0.4, < 2)
      rest-client (~> 1.4)
    thin (1.5.0)
      daemons (>= 1.0.9)
      eventmachine (>= 0.12.6)
      rack (>= 1.0.0)
    thor (0.17.0)
    tilt (1.3.3)
    timecop (0.5.4)
    treetop (1.4.12)
      polyglot
      polyglot (>= 0.3.1)
    tzinfo (0.3.35)
    uglifier (1.3.0)
      execjs (>= 0.3.0)
      multi_json (~> 1.0, >= 1.0.2)
    valid_attribute (1.3.1)
    vcr (2.4.0)
    vegas (0.1.11)
      rack (>= 1.0.0)
    webmock (1.9.0)
      addressable (>= 2.2.7)
      crack (>= 0.1.7)
    websocket (1.0.7)
    xpath (1.0.0)
      nokogiri (~> 1.3)

PLATFORMS
  ruby

DEPENDENCIES
  active_link_to
  better_errors
  binding_of_caller
  bourne
  capybara
  carrierwave
  client_side_validations-simple_form
  coffee-rails (~> 3.2.1)
  compass-rails
  database_cleaner
  debugger
  dismissible_helpers
  easy_auth!
  easy_auth-github!
  easy_auth-oauth2!
  easy_auth-password!
  factory_girl_rails
  fivemat
  foreman
  friendly_id (~> 4.0.9)
  git
  github_api
  haml
  haml_coffee_assets
  headless
  heroku
  heroku-api
  jquery-rails
  launchy
  multi_json (~> 1.3.4)
  pages
  pg
  poltergeist
  postgres_ext (~> 0.2.0)
  quiet_assets
  rails (= 3.2.12)
  redcarpet
  resque
  resque-scheduler
  rmagick
  rspec-rails
  safe_yaml
  sass-rails (~> 3.2.3)
  simple_form
  stripe
  thin
  timecop
  uglifier (>= 1.0.3)
  valid_attribute
  vcr
  webmock
